GEM
  remote: http://rubygems.org/
  specs:
    coderay (1.1.2)
    method_source (0.9.0)
    pry (0.11.1)
      coderay (~> 1.1.0)
      method_source (~> 0.9.0)
    rack (2.0.8)

PLATFORMS
  ruby

DEPENDENCIES
  pry
  rack

BUNDLED WITH
   1.14.6
