GEM
  remote: http://rubygems.org/
  specs:
    coderay (1.1.1)
    method_source (0.8.2)
    pry (0.10.4)
      coderay (~> 1.1.0)
      method_source (~> 0.8.1)
      slop (~> 3.4)
    rack (2.0.8)
    slop (3.6.0)

PLATFORMS
  ruby

DEPENDENCIES
  pry
  rack

BUNDLED WITH
   1.14.6
